GEM
  remote: https://rubygems.org/
  specs:
    builder (3.2.3)
    rack (2.0.3)
    rdiscount (2.1.8)

PLATFORMS
  ruby

DEPENDENCIES
  builder
  rack
  rdiscount

BUNDLED WITH
   1.13.6
